PATH
  remote: .
  specs:
    hypothesis-specs (0.0.10)
      helix_runtime (~> 0.7.0)
      rake (>= 10.0, < 13.0)

GEM
  remote: https://rubygems.org/
  specs:
    ast (2.4.0)
    diff-lcs (1.3)
    docile (1.1.5)
    helix_runtime (0.7.3)
      rake (>= 10.0)
      thor (>= 0.19.4, < 2.0)
      tomlrb (~> 1.2.4)
    json (2.1.0)
    minitest (5.8.5)
    parallel (1.12.1)
    parser (2.5.1.0)
      ast (~> 2.4.0)
    powerpack (0.1.1)
    rainbow (2.2.2)
      rake
    rake (12.3.1)
    redcarpet (3.4.0)
    rspec (3.7.0)
      rspec-core (~> 3.7.0)
      rspec-expectations (~> 3.7.0)
      rspec-mocks (~> 3.7.0)
    rspec-core (3.7.1)
      rspec-support (~> 3.7.0)
    rspec-expectations (3.7.0)
      diff-lcs (>= 1.2.0, < 2.0)
      rspec-support (~> 3.7.0)
    rspec-mocks (3.7.0)
      diff-lcs (>= 1.2.0, < 2.0)
      rspec-support (~> 3.7.0)
    rspec-support (3.7.1)
    rubocop (0.51.0)
      parallel (~> 1.10)
      parser (>= 2.3.3.1, < 3.0)
      powerpack (~> 0.1)
      rainbow (>= 2.2.2, < 3.0)
      ruby-progressbar (~> 1.7)
      unicode-display_width (~> 1.0, >= 1.0.1)
    ruby-progressbar (1.9.0)
    simplecov (0.15.1)
      docile (~> 1.1.0)
      json (>= 1.8, < 3)
      simplecov-html (~> 0.10.0)
    simplecov-html (0.10.2)
    thor (0.20.0)
    tomlrb (1.2.6)
    unicode-display_width (1.3.2)
    yard (0.9.12)

PLATFORMS
  ruby

DEPENDENCIES
  hypothesis-specs!
  minitest (~> 5.8.4)
  redcarpet (~> 3.4.0)
  rspec (~> 3.0)
  rubocop (~> 0.51.0)
  simplecov (~> 0.15.1)
  yard (~> 0.9.12)

BUNDLED WITH
   1.16.0
